PATH
  remote: .
  specs:
    marketing (0.0.1)
      sqlite3 (~> 1.3.3)

GEM
  remote: http://rubygems.org/
  specs:
    rspec-core (2.13.1)
    sqlite3 (1.3.7)

PLATFORMS
  ruby

DEPENDENCIES
  marketing!
  rspec-core
